GEM
  remote: https://rubygems.org/
  specs:
    POpen4 (0.1.4)
      Platform (>= 0.4.0)
      open4
    Platform (0.4.0)
    actionmailer (2.3.16)
      actionpack (= 2.3.16)
    actionpack (2.3.16)
      activesupport (= 2.3.16)
      rack (~> 1.1.0)
    activerecord (2.3.16)
      activesupport (= 2.3.16)
    activeresource (2.3.16)
      activesupport (= 2.3.16)
    activesupport (2.3.16)
    annotate (2.5.0)
      rake
    cocaine (0.4.2)
    daemons (1.1.9)
    eventmachine (1.0.0)
    hirb (0.7.1)
    jammit (0.6.5)
      yui-compressor (>= 0.9.3)
    mime-types (1.20.1)
    newrelic_rpm (3.5.6.46)
    open4 (1.3.0)
    paperclip (2.8.0)
      activerecord (>= 2.3.0)
      activesupport (>= 2.3.2)
      cocaine (>= 0.0.2)
      mime-types
    permalink_fu (1.0.0)
    pg (0.14.1)
    rack (1.1.5)
    rails (2.3.16)
      actionmailer (= 2.3.16)
      actionpack (= 2.3.16)
      activerecord (= 2.3.16)
      activeresource (= 2.3.16)
      activesupport (= 2.3.16)
      rake (>= 0.8.3)
    rake (10.0.3)
    rest-client (1.6.7)
      mime-types (>= 1.16)
    rmagick (2.13.2)
    sequel (3.20.0)
    simple_captcha (0.1.3)
    sinatra (1.0)
      rack (>= 1.0)
    sqlite3 (1.3.7)
    taps (0.3.24)
      rack (>= 1.0.1)
      rest-client (>= 1.4.0, < 1.7.0)
      sequel (~> 3.20.0)
      sinatra (~> 1.0.0)
    thin (1.5.0)
      daemons (>= 1.0.9)
      eventmachine (>= 0.12.6)
      rack (>= 1.0.0)
    will_paginate (2.3.16)
    wirble (0.1.3)
    yui-compressor (0.9.6)
      POpen4 (>= 0.1.4)

PLATFORMS
  ruby

DEPENDENCIES
  annotate
  hirb
  jammit
  newrelic_rpm
  paperclip (~> 2.8)
  permalink_fu (~> 1.0.0)
  pg
  rails (~> 2.3)
  rmagick (~> 2.13.2)
  simple_captcha (~> 0.1.3)
  sqlite3
  taps
  thin
  will_paginate (~> 2.3)
  wirble
